GEM
  remote: https://rubygems.org/
  specs:
    dotenv (2.0.2)
    httpclient (2.7.1)
    multi_json (1.11.2)
    pusher (0.17.0)
      httpclient (~> 2.7)
      multi_json (~> 1.0)
      pusher-signature (~> 0.1.8)
    pusher-signature (0.1.8)
    ruby-kafka (0.3.2)

PLATFORMS
  ruby

DEPENDENCIES
  dotenv
  pusher
  ruby-kafka

BUNDLED WITH
   1.11.2
